PATH
  remote: .
  specs:
    will_filter (5.2.0)
      kaminari (~> 1.2)
      rails (>= 7.0)
      sass (~> 3.5)

GEM
  remote: http://rubygems.org/
  specs:
    actioncable (7.0.8.5)
      actionpack (= 7.0.8.5)
      activesupport (= 7.0.8.5)
      nio4r (~> 2.0)
      websocket-driver (>= 0.6.1)
    actionmailbox (7.0.8.5)
      actionpack (= 7.0.8.5)
      activejob (= 7.0.8.5)
      activerecord (= 7.0.8.5)
      activestorage (= 7.0.8.5)
      activesupport (= 7.0.8.5)
      mail (>= 2.7.1)
      net-imap
      net-pop
      net-smtp
    actionmailer (7.0.8.5)
      actionpack (= 7.0.8.5)
      actionview (= 7.0.8.5)
      activejob (= 7.0.8.5)
      activesupport (= 7.0.8.5)
      mail (~> 2.5, >= 2.5.4)
      net-imap
      net-pop
      net-smtp
      rails-dom-testing (~> 2.0)
    actionpack (7.0.8.5)
      actionview (= 7.0.8.5)
      activesupport (= 7.0.8.5)
      rack (~> 2.0, >= 2.2.4)
      rack-test (>= 0.6.3)
      rails-dom-testing (~> 2.0)
      rails-html-sanitizer (~> 1.0, >= 1.2.0)
    actiontext (7.0.8.5)
      actionpack (= 7.0.8.5)
      activerecord (= 7.0.8.5)
      activestorage (= 7.0.8.5)
      activesupport (= 7.0.8.5)
      globalid (>= 0.6.0)
      nokogiri (>= 1.8.5)
    actionview (7.0.8.5)
      activesupport (= 7.0.8.5)
      builder (~> 3.1)
      erubi (~> 1.4)
      rails-dom-testing (~> 2.0)
      rails-html-sanitizer (~> 1.1, >= 1.2.0)
    activejob (7.0.8.5)
      activesupport (= 7.0.8.5)
      globalid (>= 0.3.6)
    activemodel (7.0.8.5)
      activesupport (= 7.0.8.5)
    activerecord (7.0.8.5)
      activemodel (= 7.0.8.5)
      activesupport (= 7.0.8.5)
    activestorage (7.0.8.5)
      actionpack (= 7.0.8.5)
      activejob (= 7.0.8.5)
      activerecord (= 7.0.8.5)
      activesupport (= 7.0.8.5)
      marcel (~> 1.0)
      mini_mime (>= 1.1.0)
    activesupport (7.0.8.5)
      concurrent-ruby (~> 1.0, >= 1.0.2)
      i18n (>= 1.6, < 2)
      minitest (>= 5.1)
      tzinfo (~> 2.0)
    bigdecimal (3.1.8)
    builder (3.3.0)
    concurrent-ruby (1.3.4)
    crass (1.0.6)
    dartsass-rails (0.5.1)
      railties (>= 6.0.0)
      sass-embedded (~> 1.63)
    date (3.4.0)
    diff-lcs (1.5.1)
    erubi (1.13.0)
    execjs (2.7.0)
    ffi (1.17.0)
    globalid (1.2.1)
      activesupport (>= 6.1)
    google-protobuf (4.28.3)
      bigdecimal
      rake (>= 13)
    i18n (1.14.6)
      concurrent-ruby (~> 1.0)
    jquery-rails (4.6.0)
      rails-dom-testing (>= 1, < 3)
      railties (>= 4.2.0)
      thor (>= 0.14, < 2.0)
    jquery-ui-rails (7.0.0)
      railties (>= 3.2.16)
    kaminari (1.2.2)
      activesupport (>= 4.1.0)
      kaminari-actionview (= 1.2.2)
      kaminari-activerecord (= 1.2.2)
      kaminari-core (= 1.2.2)
    kaminari-actionview (1.2.2)
      actionview
      kaminari-core (= 1.2.2)
    kaminari-activerecord (1.2.2)
      activerecord
      kaminari-core (= 1.2.2)
    kaminari-core (1.2.2)
    loofah (2.23.1)
      crass (~> 1.0.2)
      nokogiri (>= 1.12.0)
    mail (2.8.1)
      mini_mime (>= 0.1.1)
      net-imap
      net-pop
      net-smtp
    marcel (1.0.4)
    method_source (1.1.0)
    mini_mime (1.1.5)
    mini_portile2 (2.8.7)
    minitest (5.25.1)
    net-imap (0.5.0)
      date
      net-protocol
    net-pop (0.1.2)
      net-protocol
    net-protocol (0.2.2)
      timeout
    net-smtp (0.5.0)
      net-protocol
    nio4r (2.7.4)
    nokogiri (1.16.7)
      mini_portile2 (~> 2.8.2)
      racc (~> 1.4)
    racc (1.8.1)
    rack (2.2.10)
    rack-test (2.1.0)
      rack (>= 1.3)
    rails (7.0.8.5)
      actioncable (= 7.0.8.5)
      actionmailbox (= 7.0.8.5)
      actionmailer (= 7.0.8.5)
      actionpack (= 7.0.8.5)
      actiontext (= 7.0.8.5)
      actionview (= 7.0.8.5)
      activejob (= 7.0.8.5)
      activemodel (= 7.0.8.5)
      activerecord (= 7.0.8.5)
      activestorage (= 7.0.8.5)
      activesupport (= 7.0.8.5)
      bundler (>= 1.15.0)
      railties (= 7.0.8.5)
    rails-dom-testing (2.2.0)
      activesupport (>= 5.0.0)
      minitest
      nokogiri (>= 1.6)
    rails-html-sanitizer (1.6.0)
      loofah (~> 2.21)
      nokogiri (~> 1.14)
    railties (7.0.8.5)
      actionpack (= 7.0.8.5)
      activesupport (= 7.0.8.5)
      method_source
      rake (>= 12.2)
      thor (~> 1.0)
      zeitwerk (~> 2.5)
    rake (13.2.1)
    rb-fsevent (0.11.2)
    rb-inotify (0.11.1)
      ffi (~> 1.0)
    rspec-core (3.13.2)
      rspec-support (~> 3.13.0)
    rspec-expectations (3.13.3)
      diff-lcs (>= 1.2.0, < 2.0)
      rspec-support (~> 3.13.0)
    rspec-mocks (3.13.2)
      diff-lcs (>= 1.2.0, < 2.0)
      rspec-support (~> 3.13.0)
    rspec-rails (6.1.5)
      actionpack (>= 6.1)
      activesupport (>= 6.1)
      railties (>= 6.1)
      rspec-core (~> 3.13)
      rspec-expectations (~> 3.13)
      rspec-mocks (~> 3.13)
      rspec-support (~> 3.13)
    rspec-support (3.13.1)
    sass (3.7.4)
      sass-listen (~> 4.0.0)
    sass-embedded (1.80.6)
      google-protobuf (~> 4.28)
      rake (>= 13)
    sass-listen (4.0.0)
      rb-fsevent (~> 0.9, >= 0.9.4)
      rb-inotify (~> 0.9, >= 0.9.7)
    thor (1.3.2)
    timeout (0.4.1)
    tzinfo (2.0.6)
      concurrent-ruby (~> 1.0)
    uglifier (3.2.0)
      execjs (>= 0.3.0, < 3)
    websocket-driver (0.7.6)
      websocket-extensions (>= 0.1.0)
    websocket-extensions (0.1.5)
    zeitwerk (2.6.18)

PLATFORMS
  ruby

DEPENDENCIES
  bundler (>= 2.0.0)
  dartsass-rails (~> 0.5.1)
  jquery-rails (~> 4.6)
  jquery-ui-rails (~> 7.0)
  kaminari (~> 1.2)
  rails (= 7.0.8.5)
  rspec-rails (~> 6.1)
  uglifier
  will_filter!

RUBY VERSION
   ruby 3.1.6p260

BUNDLED WITH
   2.2.3
